GEM
  remote: https://rubygems.org/
  specs:
    benchmark (0.4.0)
    bigdecimal (3.1.8)
    coderay (1.1.3)
    csv (3.3.0)
    ffi (1.17.0)
    ffi (1.17.0-arm64-darwin)
    get_process_mem (1.0.0)
      bigdecimal (>= 2.0)
      ffi (~> 1.0)
    method_source (1.1.0)
    pry (0.15.0)
      coderay (~> 1.1)
      method_source (~> 1.0)
    securerandom (0.3.2)
    terminal-table (3.0.2)
      unicode-display_width (>= 1.1.1, < 3)
    unicode-display_width (2.6.0)

PLATFORMS
  arm64-darwin-23
  ruby

DEPENDENCIES
  benchmark
  csv
  get_process_mem
  pry
  securerandom
  terminal-table

BUNDLED WITH
   2.5.18
