GEM
  remote: https://rubygems.org/
  specs:
    benchmark (0.4.0)
    bigdecimal (3.1.8)
    csv (3.3.0)
    ffi (1.17.0)
    ffi (1.17.0-arm64-darwin)
    get_process_mem (1.0.0)
      bigdecimal (>= 2.0)
      ffi (~> 1.0)
    securerandom (0.3.2)

PLATFORMS
  arm64-darwin-23
  ruby

DEPENDENCIES
  benchmark
  csv
  get_process_mem
  securerandom

BUNDLED WITH
   2.5.18
